GEM
  remote: http://rubygems.org/
  specs:
    json (1.7.6)
    post_haste (0.9)
      json
    rack (1.4.5)
    rack-protection (1.3.2)
      rack
    sinatra (1.3.4)
      rack (~> 1.4)
      rack-protection (~> 1.3)
      tilt (~> 1.3, >= 1.3.3)
    tilt (1.3.3)

PLATFORMS
  ruby

DEPENDENCIES
  post_haste (~> 0.9)
  rack (~> 1.4.5)
  sinatra
